GEM
  remote: https://rubygems.org/
  specs:
    activesupport (7.1.3.3)
      base64
      bigdecimal
      concurrent-ruby (~> 1.0, >= 1.0.2)
      connection_pool (>= 2.2.5)
      drb
      i18n (>= 1.6, < 2)
      minitest (>= 5.1)
      mutex_m
      tzinfo (~> 2.0)
    addressable (2.8.6)
      public_suffix (>= 2.0.2, < 6.0)
    array_include_methods (1.5.1)
    awesome_print (1.9.2)
    base64 (0.2.0)
    bigdecimal (3.1.8)
    bigdecimal (3.1.8-java)
    builder (3.2.4)
    concurrent-ruby (1.2.3)
    connection_pool (2.4.1)
    coveralls (0.8.23)
      json (>= 1.8, < 3)
      simplecov (~> 0.16.1)
      term-ansicolor (~> 1.3)
      thor (>= 0.19.4, < 2.0)
      tins (~> 1.6)
    descendants_tracker (0.0.4)
      thread_safe (~> 0.3, >= 0.3.1)
    diff-lcs (1.5.1)
    docile (1.4.0)
    drb (2.2.1)
    facets (3.1.0)
    faraday (1.10.3)
      faraday-em_http (~> 1.0)
      faraday-em_synchrony (~> 1.0)
      faraday-excon (~> 1.1)
      faraday-httpclient (~> 1.0)
      faraday-multipart (~> 1.0)
      faraday-net_http (~> 1.0)
      faraday-net_http_persistent (~> 1.0)
      faraday-patron (~> 1.0)
      faraday-rack (~> 1.0)
      faraday-retry (~> 1.0)
      ruby2_keywords (>= 0.0.4)
    faraday-em_http (1.0.0)
    faraday-em_synchrony (1.0.0)
    faraday-excon (1.1.0)
    faraday-httpclient (1.0.1)
    faraday-multipart (1.0.4)
      multipart-post (~> 2)
    faraday-net_http (1.0.1)
    faraday-net_http_persistent (1.2.0)
    faraday-patron (1.0.0)
    faraday-rack (1.0.0)
    faraday-retry (1.0.3)
    git (2.0.0)
      activesupport (>= 5.0)
      addressable (~> 2.8)
      process_executer (~> 1.1)
      rchardet (~> 1.8)
    github_api (0.19.0)
      addressable (~> 2.4)
      descendants_tracker (~> 0.0.4)
      faraday (>= 0.8, < 2)
      hashie (~> 3.5, >= 3.5.2)
      oauth2 (~> 1.0)
    glimmer (2.7.7)
      array_include_methods (>= 1.4.0, < 1.6.0)
      facets (>= 3.1.0, < 4.0.0)
    hashie (3.6.0)
    highline (3.0.1)
    i18n (1.14.5)
      concurrent-ruby (~> 1.0)
    jar-dependencies (0.4.1)
    json (2.6.1)
    json (2.6.1-java)
    juwelier (2.4.9)
      builder
      bundler
      git
      github_api
      highline
      kamelcase (~> 0)
      nokogiri
      psych
      rake
      rdoc
      semver2
    jwt (2.8.1)
      base64
    kamelcase (0.0.2)
      semver2 (~> 3)
    mini_portile2 (2.8.6)
    minitest (5.23.0)
    multi_json (1.15.0)
    multi_xml (0.6.0)
    multipart-post (2.4.1)
    mutex_m (0.2.0)
    nokogiri (1.16.5)
      mini_portile2 (~> 2.8.2)
      racc (~> 1.4)
    nokogiri (1.16.5-arm64-darwin)
      racc (~> 1.4)
    nokogiri (1.16.5-java)
      racc (~> 1.4)
    nokogiri (1.16.5-x64-mingw-ucrt)
      racc (~> 1.4)
    nokogiri (1.16.5-x86_64-darwin)
      racc (~> 1.4)
    nokogiri (1.16.5-x86_64-linux)
      racc (~> 1.4)
    oauth2 (1.4.11)
      faraday (>= 0.17.3, < 3.0)
      jwt (>= 1.0, < 3.0)
      multi_json (~> 1.3)
      multi_xml (~> 0.5)
      rack (>= 1.2, < 4)
    os (1.1.4)
    pastel (0.8.0)
      tty-color (~> 0.5)
    plat4m (1.0.4)
    power_assert (2.0.3)
    process_executer (1.1.0)
    psych (4.0.3)
      stringio
    psych (4.0.3-java)
      jar-dependencies (>= 0.1.7)
    public_suffix (5.0.5)
    puts_debuggerer (0.13.5)
      awesome_print (~> 1.9.2)
    racc (1.8.0)
    racc (1.8.0-java)
    rack (3.0.11)
    rake (13.2.1)
    rake-tui (0.2.3)
      tty-prompt
    rchardet (1.8.0)
    rdoc (6.6.3.1)
      psych (>= 4.0.0)
    rspec (3.13.0)
      rspec-core (~> 3.13.0)
      rspec-expectations (~> 3.13.0)
      rspec-mocks (~> 3.13.0)
    rspec-core (3.13.0)
      rspec-support (~> 3.13.0)
    rspec-expectations (3.13.0)
      diff-lcs (>= 1.2.0, < 2.0)
      rspec-support (~> 3.13.0)
    rspec-mocks (3.13.1)
      diff-lcs (>= 1.2.0, < 2.0)
      rspec-support (~> 3.13.0)
    rspec-support (3.13.1)
    ruby2_keywords (0.0.5)
    semver2 (3.4.2)
    simplecov (0.16.1)
      docile (~> 1.1)
      json (>= 1.8, < 3)
      simplecov-html (~> 0.10.0)
    simplecov-html (0.10.2)
    simplecov-lcov (0.7.0)
    stringio (3.0.1)
    sync (0.5.0)
    term-ansicolor (1.8.0)
      tins (~> 1.0)
    test-unit (3.6.2)
      power_assert
    thor (1.3.1)
    thread_safe (0.3.6)
    thread_safe (0.3.6-java)
    tins (1.33.0)
      bigdecimal
      sync
    tty-color (0.6.0)
    tty-cursor (0.7.1)
    tty-prompt (0.23.1)
      pastel (~> 0.8)
      tty-reader (~> 0.8)
    tty-reader (0.9.0)
      tty-cursor (~> 0.7)
      tty-screen (~> 0.8)
      wisper (~> 2.0)
    tty-screen (0.8.2)
    tzinfo (2.0.6)
      concurrent-ruby (~> 1.0)
    wisper (2.0.1)
    wxruby3 (1.0.0)
      minitest (~> 5.15)
      nokogiri (~> 1.12)
      plat4m (~> 1.0)
      rake
      test-unit (~> 3.5)

PLATFORMS
  arm64-darwin-21
  universal-java-1.8
  x64-mingw-ucrt
  x64-mingw32
  x64-unknown
  x86_64-darwin-19
  x86_64-darwin-20
  x86_64-linux

DEPENDENCIES
  coveralls (= 0.8.23)
  glimmer (~> 2.7.7)
  json (= 2.6.1)
  juwelier (>= 2.4.9, < 3.0.0)
  os (>= 1.0.0, < 2.0.0)
  psych (= 4.0.3)
  puts_debuggerer (~> 0.13.1)
  rake-tui (>= 0.2.1)
  rspec (~> 3.0)
  simplecov (~> 0.16.1)
  simplecov-lcov (~> 0.7.0)
  stringio (= 3.0.1)
  wxruby3 (>= 1.0.0, <= 2.0.0)

BUNDLED WITH
   2.5.10
